GEM
  remote: https://rubygems.org/
  specs:
    armor (0.0.2)
    cuba (3.1.0)
      rack
    cuba-contrib (3.1.0)
      cuba (~> 3.1)
    faker (1.1.2)
      i18n (~> 0.5)
    i18n (0.6.4)
    mote (1.1.2)
    nest (1.1.2)
      redis
    ohm (1.3.2)
      nest (~> 1.0)
      redis
      scrivener (~> 0.0.3)
    ohm-contrib (1.2)
      ohm (~> 1.2)
    puma (2.0.1)
      rack (>= 1.1, < 2.0)
    rack (1.5.2)
    rack-protection (1.5.0)
      rack
    redis (3.0.4)
    scrivener (0.0.3)
    shield (2.0.0)
      armor
    shotgun (0.9)
      rack (>= 1.0)

PLATFORMS
  ruby

DEPENDENCIES
  cuba
  cuba-contrib
  faker
  mote
  ohm
  ohm-contrib
  puma
  rack-protection
  shield
  shotgun
